PATH
  remote: /home/malte/roda-portier
  specs:
    roda-portier (0.1)
      jwt (>= 1.5.4)
      roda (>= 2.0)
      simpleidn (>= 0.0.9)
      url_safe_base64 (>= 0.2.2)

GEM
  remote: https://rubygems.org/
  specs:
    jwt (2.1.0)
    puma (3.12.0)
    rack (2.0.6)
    roda (3.16.0)
      rack
    simpleidn (0.1.1)
      unf (~> 0.1.4)
    unf (0.1.4)
      unf_ext
    unf_ext (0.0.7.5)
    url_safe_base64 (0.2.2)

PLATFORMS
  ruby

DEPENDENCIES
  puma
  roda
  roda-portier!

BUNDLED WITH
   2.0.1
